PATH
  remote: .
  specs:
    googlevoiceapi (0.1.7)
      htmlentities
      mechanize

GEM
  remote: http://rubygems.org/
  specs:
    diff-lcs (1.1.3)
    htmlentities (4.3.0)
    mechanize (2.0.1)
      net-http-digest_auth (~> 1.1, >= 1.1.1)
      net-http-persistent (~> 1.8)
      nokogiri (~> 1.4)
      webrobots (~> 0.0, >= 0.0.9)
    mini_portile2 (2.8.0)
    net-http-digest_auth (1.1.1)
    net-http-persistent (1.9)
    nokogiri (1.13.8)
      mini_portile2 (~> 2.8.0)
      racc (~> 1.4)
    racc (1.6.0)
    rake (0.9.2)
    rspec (2.6.0)
      rspec-core (~> 2.6.0)
      rspec-expectations (~> 2.6.0)
      rspec-mocks (~> 2.6.0)
    rspec-core (2.6.4)
    rspec-expectations (2.6.0)
      diff-lcs (~> 1.1.2)
    rspec-mocks (2.6.0)
    webrobots (0.0.11)
      nokogiri (>= 1.4.4)

PLATFORMS
  ruby

DEPENDENCIES
  googlevoiceapi!
  rake
  rspec
